GEM
  remote: http://rubygems.org/
  specs:
    foreman (0.41.0)
      thor (>= 0.13.6)
    haml (3.1.4)
    kgio (2.7.4)
    rack (1.4.1)
    rack-protection (1.2.0)
      rack
    raindrops (0.8.0)
    shotgun (0.9)
      rack (>= 1.0)
    sinatra (1.3.2)
      rack (~> 1.3, >= 1.3.6)
      rack-protection (~> 1.2)
      tilt (~> 1.3, >= 1.3.3)
    thor (0.14.6)
    tilt (1.3.3)
    unicorn (4.2.1)
      kgio (~> 2.6)
      rack
      raindrops (~> 0.7)

PLATFORMS
  ruby

DEPENDENCIES
  foreman
  haml
  shotgun
  sinatra
  unicorn
